GEM
  remote: https://rubygems.org/
  specs:
    diff-lcs (1.2.4)
    faraday (0.8.8)
      multipart-post (~> 1.2.0)
    gherkin (2.12.1)
      multi_json (~> 1.3)
    google_drive (0.3.6)
      nokogiri (>= 1.4.4, != 1.5.2, != 1.5.1)
      oauth (>= 0.3.6)
      oauth2 (>= 0.5.0)
    hiredis (0.4.5)
    httpauth (0.2.0)
    jwt (0.1.8)
      multi_json (>= 1.5)
    mini_portile (0.5.1)
    multi_json (1.7.9)
    multi_xml (0.5.5)
    multipart-post (1.2.0)
    nokogiri (1.6.0)
      mini_portile (~> 0.5.0)
    oauth (0.4.7)
    oauth2 (0.9.2)
      faraday (~> 0.8)
      httpauth (~> 0.2)
      jwt (~> 0.1.4)
      multi_json (~> 1.0)
      multi_xml (~> 0.5)
      rack (~> 1.2)
    rack (1.5.2)
    redis (3.0.4)
    rspec (2.14.1)
      rspec-core (~> 2.14.0)
      rspec-expectations (~> 2.14.0)
      rspec-mocks (~> 2.14.0)
    rspec-core (2.14.5)
    rspec-expectations (2.14.2)
      diff-lcs (>= 1.1.3, < 2.0)
    rspec-mocks (2.14.3)
    turnip (1.1.0)
      gherkin (>= 2.5)
      rspec (~> 2.0)

PLATFORMS
  ruby

DEPENDENCIES
  google_drive
  hiredis
  redis
  turnip
